PATH
  remote: .
  specs:
    tzf (0.4.1)
      rb_sys (~> 0.9)

GEM
  remote: https://rubygems.org/
  specs:
    ast (2.4.2)
    diff-lcs (1.5.0)
    json (2.6.3)
    nokogiri (1.15.2-x86_64-linux)
      racc (~> 1.4)
    parallel (1.22.1)
    parser (3.2.1.1)
      ast (~> 2.4.1)
    racc (1.7.1)
    rainbow (3.1.1)
    rake (13.0.6)
    rake-compiler (1.2.1)
      rake
    rb_sys (0.9.70)
    regexp_parser (2.7.0)
    rexml (3.2.5)
    rspec (3.12.0)
      rspec-core (~> 3.12.0)
      rspec-expectations (~> 3.12.0)
      rspec-mocks (~> 3.12.0)
    rspec-core (3.12.1)
      rspec-support (~> 3.12.0)
    rspec-expectations (3.12.2)
      diff-lcs (>= 1.2.0, < 2.0)
      rspec-support (~> 3.12.0)
    rspec-mocks (3.12.4)
      diff-lcs (>= 1.2.0, < 2.0)
      rspec-support (~> 3.12.0)
    rspec-support (3.12.0)
    rubocop (1.48.1)
      json (~> 2.3)
      parallel (~> 1.10)
      parser (>= 3.2.0.0)
      rainbow (>= 2.2.2, < 4.0)
      regexp_parser (>= 1.8, < 3.0)
      rexml (>= 3.2.5, < 4.0)
      rubocop-ast (>= 1.26.0, < 2.0)
      ruby-progressbar (~> 1.7)
      unicode-display_width (>= 2.4.0, < 3.0)
    rubocop-ast (1.28.0)
      parser (>= 3.2.1.0)
    rubocop-capybara (2.17.1)
      rubocop (~> 1.41)
    rubocop-rake (0.6.0)
      rubocop (~> 1.0)
    rubocop-rspec (2.19.0)
      rubocop (~> 1.33)
      rubocop-capybara (~> 2.17)
    ruby-progressbar (1.13.0)
    ruby_memcheck (1.3.2)
      nokogiri
    unicode-display_width (2.4.2)

PLATFORMS
  x86_64-linux

DEPENDENCIES
  rake (~> 13.0)
  rake-compiler (~> 1.2)
  rspec (~> 3.0)
  rubocop (~> 1.21)
  rubocop-rake (~> 0.6)
  rubocop-rspec (~> 2.18)
  ruby_memcheck
  tzf!

BUNDLED WITH
   2.4.7
